GEM
  remote: https://rubygems.org/
  specs:
    bond (0.5.1)
    coderay (1.1.1)
    concurrent-ruby (1.0.3)
    data_uri (0.1.0)
    gnuplotrb (0.3.4)
      hamster (~> 3.0)
    hamster (3.0.0)
      concurrent-ruby (~> 1.0)
    iruby (0.2.9)
      bond (~> 0.5)
      data_uri (~> 0.1)
      mimemagic (~> 0.3)
      multi_json (~> 1.11)
    method_source (0.8.2)
    mimemagic (0.3.2)
    multi_json (1.12.1)
    pry (0.10.4)
      coderay (~> 1.1.0)
      method_source (~> 0.8.1)
      slop (~> 3.4)
    pry-doc (0.9.0)
      pry (~> 0.9)
      yard (~> 0.8)
    rbczmq (1.7.9)
    slop (3.6.0)
    yard (0.9.5)

PLATFORMS
  ruby

DEPENDENCIES
  gnuplotrb
  iruby
  pry
  pry-doc
  rbczmq

BUNDLED WITH
   1.13.6
